GEM
  remote: https://rubygems.org/
  specs:
    CFPropertyList (2.2.4)
    activesupport (3.2.16)
      i18n (~> 0.6, >= 0.6.4)
      multi_json (~> 1.0)
    awesome_print (1.2.0)
    blankslate (2.1.2.4)
    builder (3.1.4)
    calabash-common (0.0.1)
      cucumber (~> 1.3.0)
    calabash-cucumber (0.9.162)
      CFPropertyList
      awesome_print
      bundler (~> 1.1)
      calabash-common (~> 0.0.1)
      cucumber (~> 1.3.0)
      edn
      httpclient (~> 2.3.3)
      json
      location-one (~> 0.0.10)
      run_loop (~> 0.0.22)
      sim_launcher (= 0.4.6)
      slowhandcuke
      xamarin-test-cloud (~> 0.9.25)
    claide (0.4.0)
    cocoapods (0.28.0)
      activesupport (>= 3.2.15, < 4)
      claide (~> 0.4.0)
      cocoapods-core (= 0.28.0)
      cocoapods-downloader (~> 0.2.0)
      colored (~> 1.2)
      escape (~> 0.0.4)
      json_pure (~> 1.8)
      open4 (~> 1.3)
      xcodeproj (~> 0.14.1)
    cocoapods-core (0.28.0)
      activesupport (>= 3.2.15, < 4)
      fuzzy_match (~> 2.0.4)
      json (~> 1.8)
      nap (~> 0.5)
    cocoapods-downloader (0.2.0)
    colored (1.2)
    cucumber (1.3.10)
      builder (>= 2.1.2)
      diff-lcs (>= 1.1.3)
      gherkin (~> 2.12)
      multi_json (>= 1.7.5, < 2.0)
      multi_test (>= 0.0.2)
    diff-lcs (1.2.5)
    edn (1.0.2)
      parslet (~> 1.4.0)
    escape (0.0.4)
    fuzzy_match (2.0.4)
    geocoder (1.1.8)
    gherkin (2.12.2)
      multi_json (~> 1.3)
    httpclient (2.3.4.1)
    i18n (0.6.9)
    json (1.8.1)
    json_pure (1.8.1)
    location-one (0.0.10)
      geocoder (~> 1.1)
      httpclient (~> 2.3.3)
      json
    mime-types (1.25.1)
    multi_json (1.8.2)
    multi_test (0.0.2)
    nap (0.6.0)
    ocunit2junit (1.3)
    open4 (1.3.0)
    parslet (1.4.0)
      blankslate (~> 2.0)
    rack (1.5.2)
    rack-protection (1.5.1)
      rack
    rake (10.1.1)
    rest-client (1.6.7)
      mime-types (>= 1.16)
    retriable (1.3.3.1)
    rubyzip (0.9.9)
    run_loop (0.0.22)
      json
      thor
    sim_launcher (0.4.6)
      sinatra
    sinatra (1.4.4)
      rack (~> 1.4)
      rack-protection (~> 1.4)
      tilt (~> 1.3, >= 1.3.4)
    slowhandcuke (0.0.3)
      cucumber
    thor (0.18.1)
    tilt (1.4.1)
    xamarin-test-cloud (0.9.26)
      bundler (>= 1.3.0, < 2.0)
      json
      rest-client (~> 1.6.7)
      retriable (~> 1.3.3.1)
      rubyzip (~> 0.9.9)
      thor (>= 0.18.1)
    xcodeproj (0.14.1)
      activesupport (~> 3.0)
      colored (~> 1.2)
      rake

PLATFORMS
  ruby

DEPENDENCIES
  calabash-cucumber
  cocoapods
  ocunit2junit
